GEM
  remote: https://rubygems.org/
  specs:
    builder (3.2.2)
    excon (0.40.0)
    fog (1.23.0)
      fog-brightbox
      fog-core (~> 1.23)
      fog-json
      fog-softlayer
      ipaddress (~> 0.5)
      nokogiri (~> 1.5, >= 1.5.11)
    fog-brightbox (0.5.1)
      fog-core (~> 1.22)
      fog-json
      inflecto
    fog-core (1.24.0)
      builder
      excon (~> 0.38)
      formatador (~> 0.2)
      mime-types
      net-scp (~> 1.1)
      net-ssh (>= 2.1.3)
    fog-json (1.0.0)
      multi_json (~> 1.0)
    fog-softlayer (0.3.20)
      fog-core
      fog-json
    formatador (0.2.5)
    inflecto (0.0.2)
    ipaddress (0.8.0)
    jruby-pageant (1.1.1)
    jruby-pageant (1.1.1-java)
    mime-types (2.4.1)
    mini_portile (0.6.0)
    multi_json (1.10.1)
    net-scp (1.2.1)
      net-ssh (>= 2.6.5)
    net-ssh (2.9.1)
    nokogiri (1.6.3.1-java)
    nokogiri (1.6.3.1-x64-mingw32)
      mini_portile (= 0.6.0)

PLATFORMS
  java
  x64-mingw32

DEPENDENCIES
  fog
  jruby-pageant
